GEM
  remote: https://rubygems.org/
  specs:
    diff-lcs (1.2.4)
    faraday (0.8.7)
      multipart-post (~> 1.1)
    faraday_middleware (0.9.0)
      faraday (>= 0.7.4, < 0.9)
    gemfury (0.4.16)
      faraday (>= 0.7.4, < 0.9)
      faraday_middleware (>= 0.7, < 0.10)
      highline (~> 1.6.0)
      multi_json (~> 1.0)
      thor (>= 0.14.0, < 1.0)
    git (1.2.5)
    highline (1.6.19)
    json (1.8.0-java)
    little-plugger (1.1.3)
    logging (1.8.0)
      little-plugger (>= 1.1.3)
      multi_json (>= 1.3.6)
    maestro-plugin-rake-tasks (1.0.3)
      git
      json (>= 1.4.6)
      nokogiri
      rake (>= 0.9.2)
      zippy
    maestro_plugin (0.0.5)
      json (>= 1.4.6)
      logging (= 1.8.0)
      rubyzip (= 0.9.8)
    metaclass (0.0.1)
    mocha (0.14.0)
      metaclass (~> 0.0.1)
    multi_json (1.7.4)
    multipart-post (1.2.0)
    nokogiri (1.5.9-java)
    rake (10.0.4)
    rcov (0.9.11-java)
    rspec (2.13.0)
      rspec-core (~> 2.13.0)
      rspec-expectations (~> 2.13.0)
      rspec-mocks (~> 2.13.0)
    rspec-core (2.13.1)
    rspec-expectations (2.13.0)
      diff-lcs (>= 1.1.3, < 2.0)
    rspec-mocks (2.13.1)
    rubyzip (0.9.8)
    thor (0.18.1)
    zippy (0.2.1)
      rubyzip (>= 0.9.1)

PLATFORMS
  java

DEPENDENCIES
  gemfury (>= 0.4.9)
  maestro-plugin-rake-tasks
  maestro_plugin
  mocha (>= 0.12.7)
  rcov (= 0.9.11)
  rspec
  rspec-core
